PATH
  remote: 
  specs:
    activerecord-jdbcas400-adapter (1.3.7)
      activerecord-jdbc-adapter (>= 1.3.7)
    jdbc-as400 (7.10)

GEM
  remote: https://rubygems.org/
  specs:
    activemodel (4.1.0)
      activesupport (= 4.1.0)
      builder (~> 3.1)
    activerecord (4.1.0)
      activemodel (= 4.1.0)
      activesupport (= 4.1.0)
      arel (~> 5.0.0)
    activerecord-jdbc-adapter (1.3.7)
      activerecord (>= 2.2)
    activesupport (4.1.0)
      i18n (~> 0.6, >= 0.6.9)
      json (~> 1.7, >= 1.7.7)
      minitest (~> 5.1)
      thread_safe (~> 0.1)
      tzinfo (~> 1.1)
    arel (5.0.1.20140414130214)
    builder (3.2.2)
    i18n (0.6.9)
    json (1.8.1-java)
    minitest (5.3.3)
    rake (10.1.1)
    test-unit (2.5.5)
    thread_safe (0.3.3-java)
    tzinfo (1.1.0)
      thread_safe (~> 0.1)

PLATFORMS
  java

DEPENDENCIES
  activerecord-jdbcas400-adapter!
  bundler (~> 1.5)
  jdbc-as400
  rake
  test-unit
