PATH
  remote: .
  specs:
    activerecord-jdbcas400-adapter (1.3.10)
      activerecord (~> 4.1.13)
      activerecord-jdbc-adapter (>= 1.3.17)

GEM
  remote: https://rubygems.org/
  specs:
    activemodel (4.1.13)
      activesupport (= 4.1.13)
      builder (~> 3.1)
    activerecord (4.1.13)
      activemodel (= 4.1.13)
      activesupport (= 4.1.13)
      arel (~> 5.0.0)
    activerecord-jdbc-adapter (1.3.17)
      activerecord (>= 2.2)
    activesupport (4.1.13)
      i18n (~> 0.6, >= 0.6.9)
      json (~> 1.7, >= 1.7.7)
      minitest (~> 5.1)
      thread_safe (~> 0.1)
      tzinfo (~> 1.1)
    arel (5.0.1.20140414130214)
    builder (3.2.2)
    i18n (0.7.0)
    json (1.8.3-java)
    minitest (5.8.0)
    power_assert (0.2.4)
    rake (10.4.2)
    test-unit (3.1.3)
      power_assert
    thread_safe (0.3.5-java)
    tzinfo (1.2.2)
      thread_safe (~> 0.1)

PLATFORMS
  java

DEPENDENCIES
  activerecord-jdbcas400-adapter!
  bundler (~> 1.5)
  rake
  test-unit

BUNDLED WITH
   1.10.6
